GEM
  remote: https://rubygems.org/
  specs:
    connection_pool (2.2.3)
    rack (2.2.3)
    rack-protection (2.1.0)
      rack
    redis (4.1.4)
    redis-namespace (1.8.1)
      redis (>= 3.0.4)
    sidekiq (5.2.9)
      connection_pool (~> 2.2, >= 2.2.2)
      rack (~> 2.0)
      rack-protection (>= 1.5.0)
      redis (>= 3.3.5, < 4.2)
    slack-notifier (2.3.2)

PLATFORMS
  ruby

DEPENDENCIES
  redis-namespace
  sidekiq (~> 5.0)
  slack-notifier

BUNDLED WITH
   2.1.4
